GIT
  remote: https://github.com/josh/ruby-xpdf.git
  revision: 345d83bfd97b29bc944019d4b2962adb5c174d65
  specs:
    xpdf (3.04)

GEM
  remote: https://rubygems.org/
  specs:
    rack (1.5.2)

PLATFORMS
  ruby

DEPENDENCIES
  rack
  xpdf!
